GEM
  remote: https://rubygems.org/
  specs:
    builder (3.2.2)
    dotenv (2.1.0)
    faraday (0.9.2)
      multipart-post (>= 1.2, < 3)
    jwt (1.5.2)
    mail (2.6.3)
      mime-types (>= 1.16, < 3)
    mime-types (2.99)
    multi_json (1.11.2)
    multipart-post (2.0.0)
    twilio-ruby (4.9.0)
      builder (>= 2.1.2)
      jwt (~> 1.0)
      multi_json (>= 1.3.0)

PLATFORMS
  ruby

DEPENDENCIES
  dotenv
  faraday
  mail
  twilio-ruby

BUNDLED WITH
   1.10.6
